GEM
  remote: http://rubygems.org/
  specs:
    bluecloth (2.0.11)
    citrus (2.4.0)
    diff-lcs (1.1.2)
    gnuplot (2.3.6)
    quickl (0.4.1)
    rack (1.3.2)
    rake (0.9.2)
    rspec (2.4.0)
      rspec-core (~> 2.4.0)
      rspec-expectations (~> 2.4.0)
      rspec-mocks (~> 2.4.0)
    rspec-core (2.4.0)
    rspec-expectations (2.4.0)
      diff-lcs (~> 1.1.2)
    rspec-mocks (2.4.0)
    sinatra (1.2.6)
      rack (~> 1.1)
      tilt (< 2.0, >= 1.2.2)
    tilt (1.3.3)
    wlang (0.10.2)
    yard (0.6.5)

PLATFORMS
  ruby

DEPENDENCIES
  bluecloth (~> 2.0.9)
  bundler (~> 1.0)
  citrus (~> 2.4.0)
  gnuplot (~> 2.3.6)
  quickl (~> 0.4.1)
  rake (~> 0.9.2)
  rspec (~> 2.4.0)
  sinatra (~> 1.2.6)
  wlang (~> 0.10.1)
  yard (~> 0.6.4)
