GEM
  remote: http://rubygems.org/
  specs:
    citrus (2.4.0)
    diff-lcs (1.1.3)
    gnuplot (2.3.6)
    json (1.6.5)
    quickl (0.4.3)
    rack (1.4.0)
    rack-protection (1.2.0)
      rack
    rake (0.9.2.2)
    rspec (2.8.0)
      rspec-core (~> 2.8.0)
      rspec-expectations (~> 2.8.0)
      rspec-mocks (~> 2.8.0)
    rspec-core (2.8.0)
    rspec-expectations (2.8.0)
      diff-lcs (~> 1.1.2)
    rspec-mocks (2.8.0)
    sinatra (1.3.2)
      rack (~> 1.3, >= 1.3.6)
      rack-protection (~> 1.2)
      tilt (~> 1.3, >= 1.3.3)
    tilt (1.3.3)
    wlang (0.10.2)

PLATFORMS
  ruby

DEPENDENCIES
  citrus (~> 2.4)
  gnuplot (~> 2.3.6)
  json (~> 1.6)
  quickl (~> 0.4.3)
  rake (~> 0.9.2)
  rspec (~> 2.8)
  sinatra (~> 1.3)
  wlang (~> 0.10.2)
