GEM
  remote: http://rubygems.org/
  specs:
    citrus (2.4.0)
    diff-lcs (1.1.3)
    epath (0.0.1)
    gnuplot (2.3.6)
    quickl (0.4.3)
    rack (1.3.2)
    rake (0.9.2.2)
    rspec (2.8.0)
      rspec-core (~> 2.8.0)
      rspec-expectations (~> 2.8.0)
      rspec-mocks (~> 2.8.0)
    rspec-core (2.8.0)
    rspec-expectations (2.8.0)
      diff-lcs (~> 1.1.2)
    rspec-mocks (2.8.0)
    sinatra (1.2.6)
      rack (~> 1.1)
      tilt (>= 1.2.2, < 2.0)
    tilt (1.3.3)
    wlang (0.10.2)

PLATFORMS
  ruby

DEPENDENCIES
  citrus (~> 2.4)
  epath (~> 0.0.1)
  gnuplot (~> 2.3.6)
  quickl (~> 0.4.3)
  rake (~> 0.9.2)
  rspec (~> 2.8.0)
  sinatra (~> 1.2.6)
  wlang (~> 0.10.2)
