PATH
  remote: .
  specs:
    stamina (0.4.0)
      quickl (~> 0.2.0)

GEM
  remote: http://rubygems.org/
  specs:
    bluecloth (2.0.11)
    diff-lcs (1.1.2)
    gnuplot (2.3.6)
    quickl (0.2.0)
    rake (0.8.7)
    rspec (2.4.0)
      rspec-core (~> 2.4.0)
      rspec-expectations (~> 2.4.0)
      rspec-mocks (~> 2.4.0)
    rspec-core (2.4.0)
    rspec-expectations (2.4.0)
      diff-lcs (~> 1.1.2)
    rspec-mocks (2.4.0)
    wlang (0.10.2)
    yard (0.6.5)

PLATFORMS
  ruby

DEPENDENCIES
  bluecloth (~> 2.0.9)
  bundler (~> 1.0)
  gnuplot (~> 2.3.6)
  rake (~> 0.8.7)
  rspec (~> 2.4.0)
  stamina!
  wlang (~> 0.10.1)
  yard (~> 0.6.4)
